GIT
  remote: git://github.com/Mange/roadie-rails.git
  revision: 01470d4655d606e191d80b3f2de21678c3da3d6b
  specs:
    roadie-rails (1.1.0.rc2)
      railties (>= 3.0, < 4.3)
      roadie (>= 3.1.0.rc1, < 4.0)

GIT
  remote: git://github.com/ai/autoprefixer-rails.git
  revision: 9a3ef7bc1200d3967fe02a2f070f8701cfe47076
  specs:
    autoprefixer-rails (6.0.3)
      execjs
      json

GIT
  remote: git://github.com/lunks/teaspoon.git
  revision: 0b9dc95322fb265a5fce1c374ce4e1d7a1494a08
  specs:
    teaspoon (1.0.2)
      railties (>= 3.2.5, < 5)
    teaspoon-jasmine (2.2.0)
      teaspoon (>= 1.0.0)

GIT
  remote: git://github.com/rails/sass-rails.git
  revision: a3b25261a3d31ed9ff5dd6e841b777790fc86c55
  specs:
    sass-rails (6.0.0)
      railties (>= 4.0.0, < 5.0)
      sass (~> 3.4)
      sprockets (>= 4.0)
      sprockets-rails (< 4.0)

GIT
  remote: git://github.com/rails/sprockets-rails.git
  revision: 77098c5acd9f27613875097ce6587aff9d871d7f
  specs:
    sprockets-rails (3.0.0.beta3)
      actionpack (>= 4.0)
      activesupport (>= 4.0)
      sprockets (>= 3.0.0)

GIT
  remote: git://github.com/sbeam/asset_sync.git
  revision: d52e970c8965127cd8de778ff63070e5737ad1ba
  branch: gzip-before-upload
  specs:
    asset_sync (1.1.0)
      activemodel
      fog (>= 1.8.0)
      unf

PATH
  remote: ../sprockets
  specs:
    sprockets (4.0.0)
      rack (>= 1, < 3)

GEM
  remote: https://rubygems.org/
  remote: https://rails-assets.org/
  specs:
    CFPropertyList (2.3.2)
    actionmailer (4.2.4)
      actionpack (= 4.2.4)
      actionview (= 4.2.4)
      activejob (= 4.2.4)
      mail (~> 2.5, >= 2.5.4)
      rails-dom-testing (~> 1.0, >= 1.0.5)
    actionpack (4.2.4)
      actionview (= 4.2.4)
      activesupport (= 4.2.4)
      rack (~> 1.6)
      rack-test (~> 0.6.2)
      rails-dom-testing (~> 1.0, >= 1.0.5)
      rails-html-sanitizer (~> 1.0, >= 1.0.2)
    actionview (4.2.4)
      activesupport (= 4.2.4)
      builder (~> 3.1)
      erubis (~> 2.7.0)
      rails-dom-testing (~> 1.0, >= 1.0.5)
      rails-html-sanitizer (~> 1.0, >= 1.0.2)
    active_model-errors_details (1.1.0)
      activemodel (>= 4.0, < 5.0.0.alpha)
      activesupport
    activejob (4.2.4)
      activesupport (= 4.2.4)
      globalid (>= 0.3.0)
    activemodel (4.2.4)
      activesupport (= 4.2.4)
      builder (~> 3.1)
    activerecord (4.2.4)
      activemodel (= 4.2.4)
      activesupport (= 4.2.4)
      arel (~> 6.0)
    activesupport (4.2.4)
      i18n (~> 0.7)
      json (~> 1.7, >= 1.7.7)
      minitest (~> 5.1)
      thread_safe (~> 0.3, >= 0.3.4)
      tzinfo (~> 1.1)
    acts-as-taggable-on (3.5.0)
      activerecord (>= 3.2, < 5)
    addressable (2.3.8)
    airbrake (4.3.0)
      builder
      multi_json
    arel (6.0.3)
    ast (2.1.0)
    astrolabe (1.3.1)
      parser (~> 2.2)
    axiom-types (0.1.1)
      descendants_tracker (~> 0.0.4)
      ice_nine (~> 0.11.0)
      thread_safe (~> 0.3, >= 0.3.1)
    bcrypt (3.1.10)
    bonsai-elasticsearch-rails (0.0.4)
    builder (3.2.2)
    capybara (2.4.4)
      mime-types (>= 1.16)
      nokogiri (>= 1.3.3)
      rack (>= 1.0.0)
      rack-test (>= 0.5.4)
      xpath (~> 2.0)
    capybara-angular (0.1.1)
      capybara
    carrierwave (0.10.0)
      activemodel (>= 3.2.0)
      activesupport (>= 3.2.0)
      json (>= 1.7)
      mime-types (>= 1.16)
    celluloid (0.16.0)
      timers (~> 4.0.0)
    childprocess (0.5.6)
      ffi (~> 1.0, >= 1.0.11)
    coderay (1.1.0)
    coercible (1.0.0)
      descendants_tracker (~> 0.0.1)
    coffee-rails (4.1.0)
      coffee-script (>= 2.2.0)
      railties (>= 4.0.0, < 5.0)
    coffee-script (2.4.1)
      coffee-script-source
      execjs
    coffee-script-source (1.9.1.1)
    connection_pool (2.2.0)
    crack (0.4.2)
      safe_yaml (~> 1.0.0)
    css_parser (1.3.7)
      addressable
    dalli (2.7.4)
    database_cleaner (1.4.1)
    descendants_tracker (0.0.4)
      thread_safe (~> 0.3, >= 0.3.1)
    devise (3.5.1)
      bcrypt (~> 3.0)
      orm_adapter (~> 0.1)
      railties (>= 3.2.6, < 5)
      responders
      thread_safe (~> 0.1)
      warden (~> 1.2.3)
    devise-async (0.9.0)
      devise (~> 3.2)
    diff-lcs (1.2.5)
    docile (1.1.5)
    dotenv (1.0.2)
    dotenv-rails (1.0.2)
      dotenv (= 1.0.2)
    elasticsearch (1.0.13)
      elasticsearch-api (= 1.0.13)
      elasticsearch-transport (= 1.0.13)
    elasticsearch-api (1.0.13)
      multi_json
    elasticsearch-model (0.1.6)
      activesupport (> 3)
      elasticsearch (> 0.4)
      hashie
    elasticsearch-rails (0.1.6)
    elasticsearch-transport (1.0.13)
      faraday
      multi_json
    email_spec (1.6.0)
      launchy (~> 2.1)
      mail (~> 2.2)
    equalizer (0.0.11)
    erubis (2.7.0)
    excon (0.45.4)
    execjs (1.4.1)
      multi_json (~> 1.0)
    factory_girl (4.5.0)
      activesupport (>= 3.0.0)
    factory_girl_rails (4.5.0)
      factory_girl (~> 4.5.0)
      railties (>= 3.0.0)
    faraday (0.9.2)
      multipart-post (>= 1.2, < 3)
    fastimage (1.7.0)
      addressable (~> 2.3, >= 2.3.5)
    ffi (1.9.10)
    fission (0.5.0)
      CFPropertyList (~> 2.2)
    fog (1.32.0)
      fog-atmos
      fog-aws (>= 0.6.0)
      fog-brightbox (~> 0.4)
      fog-core (~> 1.32)
      fog-ecloud (= 0.1.1)
      fog-google (>= 0.0.2)
      fog-json
      fog-local
      fog-powerdns (>= 0.1.1)
      fog-profitbricks
      fog-radosgw (>= 0.0.2)
      fog-riakcs
      fog-sakuracloud (>= 0.0.4)
      fog-serverlove
      fog-softlayer
      fog-storm_on_demand
      fog-terremark
      fog-vmfusion
      fog-voxel
      fog-xml (~> 0.1.1)
      ipaddress (~> 0.5)
      nokogiri (~> 1.5, >= 1.5.11)
    fog-atmos (0.1.0)
      fog-core
      fog-xml
    fog-aws (0.7.6)
      fog-core (~> 1.27)
      fog-json (~> 1.0)
      fog-xml (~> 0.1)
      ipaddress (~> 0.8)
    fog-brightbox (0.9.0)
      fog-core (~> 1.22)
      fog-json
      inflecto (~> 0.0.2)
    fog-core (1.32.1)
      builder
      excon (~> 0.45)
      formatador (~> 0.2)
      mime-types
      net-scp (~> 1.1)
      net-ssh (>= 2.1.3)
    fog-ecloud (0.1.1)
      fog-core
      fog-xml
    fog-google (0.1.1)
      fog-core
      fog-json
      fog-xml
    fog-json (1.0.2)
      fog-core (~> 1.0)
      multi_json (~> 1.10)
    fog-local (0.2.1)
      fog-core (~> 1.27)
    fog-powerdns (0.1.1)
      fog-core (~> 1.27)
      fog-json (~> 1.0)
      fog-xml (~> 0.1)
    fog-profitbricks (0.0.5)
      fog-core
      fog-xml
      nokogiri
    fog-radosgw (0.0.4)
      fog-core (>= 1.21.0)
      fog-json
      fog-xml (>= 0.0.1)
    fog-riakcs (0.1.0)
      fog-core
      fog-json
      fog-xml
    fog-sakuracloud (1.3.3)
      fog-core
      fog-json
    fog-serverlove (0.1.2)
      fog-core
      fog-json
    fog-softlayer (0.4.7)
      fog-core
      fog-json
    fog-storm_on_demand (0.1.1)
      fog-core
      fog-json
    fog-terremark (0.1.0)
      fog-core
      fog-xml
    fog-vmfusion (0.1.0)
      fission
      fog-core
    fog-voxel (0.1.0)
      fog-core
      fog-xml
    fog-xml (0.1.2)
      fog-core
      nokogiri (~> 1.5, >= 1.5.11)
    foreman (0.78.0)
      thor (~> 0.19.1)
    formatador (0.2.5)
    foundation-rails (5.5.2.1)
      railties (>= 3.1.0)
      sass (>= 3.3.0, < 3.5)
    globalid (0.3.6)
      activesupport (>= 4.1.0)
    guard (2.13.0)
      formatador (>= 0.2.4)
      listen (>= 2.7, <= 4.0)
      lumberjack (~> 1.0)
      nenv (~> 0.1)
      notiffany (~> 0.0)
      pry (>= 0.9.12)
      shellany (~> 0.0)
      thor (>= 0.18.1)
    guard-teaspoon (0.8.0)
      guard (~> 2.2)
      teaspoon (>= 0.8.0)
    hashie (3.4.2)
    hitimes (1.2.3)
    htmlentities (4.3.4)
    i18n (0.7.0)
    ice_cube (0.13.0)
    ice_nine (0.11.1)
    inflecto (0.0.2)
    intercom-rails (0.2.27)
      activesupport (> 3.0)
    ipaddress (0.8.0)
    jbuilder (2.3.1)
      activesupport (>= 3.0.0, < 5)
      multi_json (~> 1.2)
    json (1.8.3)
    jwt (1.5.1)
    kgio (2.10.0)
    launchy (2.4.3)
      addressable (~> 2.3)
    letter_opener (1.4.1)
      launchy (~> 2.2)
    link_thumbnailer (2.5.2)
      activesupport (>= 3.0)
      fastimage (~> 1.6)
      json (~> 1.8, >= 1.7.7)
      net-http-persistent (~> 2.9)
      nokogiri (~> 1.6)
      rake (>= 0.9)
      video_info (~> 2.4)
    listen (3.0.3)
      rb-fsevent (>= 0.9.3)
      rb-inotify (>= 0.9)
    loofah (2.0.3)
      nokogiri (>= 1.5.9)
    lumberjack (1.0.9)
    mail (2.6.3)
      mime-types (>= 1.16, < 3)
    memcachier (0.0.2)
    method_source (0.8.2)
    mime-types (2.6.2)
    mini_portile (0.6.2)
    minitest (5.8.1)
    mixpanel-ruby (2.1.0)
    multi_json (1.11.2)
    multi_xml (0.5.5)
    multipart-post (2.0.0)
    mustache (0.99.8)
    nenv (0.2.0)
    net-http-persistent (2.9.4)
    net-scp (1.2.1)
      net-ssh (>= 2.6.5)
    net-ssh (3.0.1)
    newrelic_rpm (3.12.1.298)
    nokogiri (1.6.6.2)
      mini_portile (~> 0.6.0)
    notiffany (0.0.8)
      nenv (~> 0.1)
      shellany (~> 0.0)
    oauth2 (1.0.0)
      faraday (>= 0.8, < 0.10)
      jwt (~> 1.0)
      multi_json (~> 1.3)
      multi_xml (~> 0.5)
      rack (~> 1.2)
    oj (2.12.9)
    omniauth (1.2.2)
      hashie (>= 1.2, < 4)
      rack (~> 1.0)
    omniauth-facebook (2.0.1)
      omniauth-oauth2 (~> 1.2)
    omniauth-oauth2 (1.3.1)
      oauth2 (~> 1.0)
      omniauth (~> 1.2)
    orm_adapter (0.5.0)
    parser (2.2.2.6)
      ast (>= 1.1, < 3.0)
    pg (0.18.2)
    pluginator (1.3.0)
    powerpack (0.1.1)
    pre-commit (0.25.0)
      pluginator (~> 1.1)
    pry (0.10.2)
      coderay (~> 1.1.0)
      method_source (~> 0.8.1)
      slop (~> 3.4)
    pry-doc (0.8.0)
      pry (~> 0.9)
      yard (~> 0.8)
    pry-rails (0.3.4)
      pry (>= 0.9.10)
    pundit (1.0.1)
      activesupport (>= 3.0.0)
    rabl (0.11.6)
      activesupport (>= 2.3.14)
    rack (1.6.4)
    rack-canonical-host (0.1.0)
      addressable
      rack (~> 1.0)
    rack-test (0.6.3)
      rack (>= 1.0)
    rails (4.2.4)
      actionmailer (= 4.2.4)
      actionpack (= 4.2.4)
      actionview (= 4.2.4)
      activejob (= 4.2.4)
      activemodel (= 4.2.4)
      activerecord (= 4.2.4)
      activesupport (= 4.2.4)
      bundler (>= 1.3.0, < 2.0)
      railties (= 4.2.4)
      sprockets-rails
    rails-assets-SHA-1 (0.1.1)
    rails-assets-angular--bower-angular-i18n (1.3.11)
    rails-assets-angular (1.3.16)
    rails-assets-angular-animate (1.3.16)
      rails-assets-angular (= 1.3.16)
    rails-assets-angular-bindonce (0.3.3)
    rails-assets-angular-busy (4.1.2)
      rails-assets-angular (~> 1.3)
      rails-assets-angular-animate (~> 1.3)
    rails-assets-angular-datepicker (1.0.12)
    rails-assets-angular-filter (0.5.4)
      rails-assets-angular
    rails-assets-angular-messages (1.3.16)
      rails-assets-angular (= 1.3.16)
    rails-assets-angular-mocks (1.3.16)
      rails-assets-angular (= 1.3.16)
    rails-assets-angular-moment (0.10.3)
      rails-assets-angular (>= 1.2.0, < 1.5.0)
      rails-assets-moment (>= 2.8.0, < 2.11.0)
    rails-assets-angular-resource (1.3.16)
      rails-assets-angular (= 1.3.16)
    rails-assets-angular-sanitize (1.3.16)
      rails-assets-angular (= 1.3.16)
    rails-assets-angular-translate (2.7.2)
      rails-assets-angular (>= 1.2.26, <= 1.5)
    rails-assets-angular-ui-router-title (0.0.4)
    rails-assets-angular-validation-match (1.3.0)
      rails-assets-angular (>= 1.2.0, < 2.0.0)
    rails-assets-angularjs-rails-resource (1.2.1)
      rails-assets-angular
    rails-assets-greensock (1.17.0)
    rails-assets-jquery (2.1.4)
    rails-assets-jquery-timepicker-jt (1.8.1)
      rails-assets-jquery (>= 1.7)
    rails-assets-lunks--angulartics (0.18.0)
      rails-assets-SHA-1
      rails-assets-angular (>= 1.1.5)
      rails-assets-waypoints (~> 2.0.3)
    rails-assets-modernizr (2.8.3)
    rails-assets-moment (2.10.6)
    rails-assets-moment-range (1.0.9)
      rails-assets-moment (>= 1)
    rails-assets-moment-timezone (0.4.0)
      rails-assets-moment (>= 2.6.0)
    rails-assets-mrodrigues--angular-jquery-timepicker (0.6.1)
      rails-assets-angular (>= 1.2)
      rails-assets-jquery-timepicker-jt (>= 1.2)
    rails-assets-mrodrigues--angular-mighty-datepicker (0.0.18)
      rails-assets-angular (>= 1.2)
      rails-assets-angular-bindonce
      rails-assets-moment (>= 2.6.0)
      rails-assets-moment-range (~> 1.0.1)
    rails-assets-ng-file-upload (1.6.12)
    rails-assets-ng-file-upload-shim (1.6.12)
    rails-assets-ng-sortable (1.3.1)
      rails-assets-angular (>= 1.3.0)
    rails-assets-scrollmagic (2.0.5)
    rails-assets-ui-router (0.2.15)
      rails-assets-angular (>= 1.0.8)
    rails-assets-waypoints (2.0.5)
      rails-assets-jquery (>= 1.8)
    rails-deprecated_sanitizer (1.0.3)
      activesupport (>= 4.2.0.alpha)
    rails-dom-testing (1.0.7)
      activesupport (>= 4.2.0.beta, < 5.0)
      nokogiri (~> 1.6.0)
      rails-deprecated_sanitizer (>= 1.0.1)
    rails-html-sanitizer (1.0.2)
      loofah (~> 2.0)
    rails_12factor (0.0.3)
      rails_serve_static_assets
      rails_stdout_logging
    rails_serve_static_assets (0.0.4)
    rails_stdout_logging (0.0.4)
    railties (4.2.4)
      actionpack (= 4.2.4)
      activesupport (= 4.2.4)
      rake (>= 0.8.7)
      thor (>= 0.18.1, < 2.0)
    rainbow (2.0.0)
    raindrops (0.15.0)
    rake (10.4.2)
    rb-fsevent (0.9.6)
    rb-inotify (0.9.5)
      ffi (>= 0.5.0)
    redcarpet (3.3.2)
    redis (3.2.1)
    redis-namespace (1.5.2)
      redis (~> 3.0, >= 3.0.4)
    responders (2.1.0)
      railties (>= 4.2.0, < 5)
    roadie (3.1.0.rc1)
      css_parser (~> 1.3.4)
      nokogiri (>= 1.5.0, < 1.7.0)
    roboto (0.2.0)
      actionpack (>= 3.0.0)
      rails (>= 3.1.0)
    rspec (3.3.0)
      rspec-core (~> 3.3.0)
      rspec-expectations (~> 3.3.0)
      rspec-mocks (~> 3.3.0)
    rspec-core (3.3.2)
      rspec-support (~> 3.3.0)
    rspec-expectations (3.3.1)
      diff-lcs (>= 1.2.0, < 2.0)
      rspec-support (~> 3.3.0)
    rspec-mocks (3.3.2)
      diff-lcs (>= 1.2.0, < 2.0)
      rspec-support (~> 3.3.0)
    rspec-rails (3.3.2)
      actionpack (>= 3.0, < 4.3)
      activesupport (>= 3.0, < 4.3)
      railties (>= 3.0, < 4.3)
      rspec-core (~> 3.3.0)
      rspec-expectations (~> 3.3.0)
      rspec-mocks (~> 3.3.0)
      rspec-support (~> 3.3.0)
    rspec-support (3.3.0)
    rspec_api_documentation (4.3.0)
      activesupport (>= 3.0.0)
      json (~> 1.4, >= 1.4.6)
      mustache (~> 0.99, >= 0.99.4)
      rspec (>= 3.0.0)
    rubocop (0.32.1)
      astrolabe (~> 1.3)
      parser (>= 2.2.2.5, < 3.0)
      powerpack (~> 0.1)
      rainbow (>= 1.99.1, < 3.0)
      ruby-progressbar (~> 1.4)
    ruby-progressbar (1.7.5)
    rubyzip (1.1.7)
    safe_yaml (1.0.4)
    sass (3.4.18)
    scss-lint (0.34.0)
      rainbow (~> 2.0)
      sass (~> 3.4.1)
    secure_headers (2.0.0)
    selenium-webdriver (2.45.0)
      childprocess (~> 0.5)
      multi_json (~> 1.0)
      rubyzip (~> 1.0)
      websocket (~> 1.0)
    shellany (0.0.1)
    shoulda-matchers (2.8.0)
      activesupport (>= 3.0.0)
    sidekiq (3.4.2)
      celluloid (~> 0.16.0)
      connection_pool (~> 2.2, >= 2.2.0)
      json (~> 1.0)
      redis (~> 3.2, >= 3.2.1)
      redis-namespace (~> 1.5, >= 1.5.2)
    simplecov (0.10.0)
      docile (~> 1.1.0)
      json (~> 1.8)
      simplecov-html (~> 0.10.0)
    simplecov-html (0.10.0)
    slim (3.0.6)
      temple (~> 0.7.3)
      tilt (>= 1.3.3, < 2.1)
    slim-rails (3.0.1)
      actionmailer (>= 3.1, < 5.0)
      actionpack (>= 3.1, < 5.0)
      activesupport (>= 3.1, < 5.0)
      railties (>= 3.1, < 5.0)
      slim (~> 3.0)
    slop (3.6.0)
    temple (0.7.6)
    thor (0.19.1)
    thread_safe (0.3.5)
    tilt (2.0.1)
    timecop (0.7.1)
    timers (4.0.4)
      hitimes
    tod (2.0.2)
    tzinfo (1.2.2)
      thread_safe (~> 0.1)
    uglifier (2.7.2)
      execjs (>= 0.3.0)
      json (>= 1.8.0)
    unf (0.1.4)
      unf_ext
    unf_ext (0.0.7.1)
    unicorn (4.8.3)
      kgio (~> 2.6)
      rack
      raindrops (~> 0.7)
    vcr (2.9.3)
    video_info (2.4.2)
      addressable
      htmlentities
      multi_json
    virtus (1.0.5)
      axiom-types (~> 0.1)
      coercible (~> 1.0)
      descendants_tracker (~> 0.0, >= 0.0.3)
      equalizer (~> 0.0, >= 0.0.9)
    warden (1.2.3)
      rack (>= 1.0)
    webmock (1.20.4)
      addressable (>= 2.3.6)
      crack (>= 0.3.2)
    websocket (1.2.2)
    will_paginate (3.0.7)
    xpath (2.0.0)
      nokogiri (~> 1.3)
    yard (0.8.7.6)

PLATFORMS
  ruby

DEPENDENCIES
  active_model-errors_details (= 1.1.0)
  acts-as-taggable-on (= 3.5.0)
  airbrake (= 4.3.0)
  asset_sync!
  autoprefixer-rails!
  bonsai-elasticsearch-rails (= 0.0.4)
  capybara (= 2.4.4)
  capybara-angular (= 0.1.1)
  carrierwave (= 0.10.0)
  coffee-rails (= 4.1.0)
  connection_pool (= 2.2.0)
  dalli (= 2.7.4)
  database_cleaner (= 1.4.1)
  devise (= 3.5.1)
  devise-async (= 0.9.0)
  dotenv-rails (= 1.0.2)
  elasticsearch-model (= 0.1.6)
  elasticsearch-rails (= 0.1.6)
  email_spec (= 1.6.0)
  execjs (~> 1.4.0)
  factory_girl_rails (= 4.5.0)
  fog (= 1.32.0)
  foreman (= 0.78.0)
  foundation-rails (= 5.5.2.1)
  guard
  guard-teaspoon
  ice_cube (= 0.13.0)
  intercom-rails (= 0.2.27)
  jbuilder (= 2.3.1)
  letter_opener (= 1.4.1)
  link_thumbnailer (= 2.5.2)
  memcachier (= 0.0.2)
  mixpanel-ruby (= 2.1.0)
  newrelic_rpm (= 3.12.1.298)
  oj (= 2.12.9)
  omniauth-facebook (= 2.0.1)
  pg (= 0.18.2)
  pre-commit (= 0.25.0)
  pry-doc (= 0.8.0)
  pry-rails (= 0.3.4)
  pundit (= 1.0.1)
  rabl (= 0.11.6)
  rack-canonical-host (= 0.1.0)
  rails (= 4.2.4)
  rails-assets-angular (= 1.3.16)!
  rails-assets-angular--bower-angular-i18n (= 1.3.11)!
  rails-assets-angular-animate (= 1.3.16)!
  rails-assets-angular-busy (= 4.1.2)!
  rails-assets-angular-datepicker (= 1.0.12)!
  rails-assets-angular-filter (= 0.5.4)!
  rails-assets-angular-messages (= 1.3.16)!
  rails-assets-angular-mocks (= 1.3.16)!
  rails-assets-angular-moment (= 0.10.3)!
  rails-assets-angular-resource (= 1.3.16)!
  rails-assets-angular-sanitize (= 1.3.16)!
  rails-assets-angular-translate (= 2.7.2)!
  rails-assets-angular-ui-router-title (= 0.0.4)!
  rails-assets-angular-validation-match (= 1.3.0)!
  rails-assets-angularjs-rails-resource (= 1.2.1)!
  rails-assets-greensock (= 1.17.0)!
  rails-assets-jquery (= 2.1.4)!
  rails-assets-lunks--angulartics (= 0.18.0)!
  rails-assets-modernizr (= 2.8.3)!
  rails-assets-moment-timezone (= 0.4.0)!
  rails-assets-mrodrigues--angular-jquery-timepicker (= 0.6.1)!
  rails-assets-mrodrigues--angular-mighty-datepicker (= 0.0.18)!
  rails-assets-ng-file-upload (= 1.6.12)!
  rails-assets-ng-file-upload-shim (= 1.6.12)!
  rails-assets-ng-sortable (= 1.3.1)!
  rails-assets-scrollmagic (= 2.0.5)!
  rails-assets-ui-router (= 0.2.15)!
  rails_12factor (= 0.0.3)
  redcarpet (= 3.3.2)
  responders (~> 2.0)
  roadie-rails!
  roboto (= 0.2.0)
  rspec-rails (= 3.3.2)
  rspec_api_documentation (= 4.3.0)
  rubocop (= 0.32.1)
  sass-rails!
  scss-lint (= 0.34.0)
  secure_headers (= 2.0.0)
  selenium-webdriver (= 2.45.0)
  shoulda-matchers (= 2.8.0)
  sidekiq (= 3.4.2)
  simplecov (= 0.10.0)
  slim-rails (= 3.0.1)
  sprockets!
  sprockets-rails!
  teaspoon!
  teaspoon-jasmine (= 2.2.0)
  timecop (= 0.7.1)
  tod (= 2.0.2)
  uglifier (= 2.7.2)
  unicorn (= 4.8.3)
  vcr (= 2.9.3)
  video_info (= 2.4.2)
  virtus (= 1.0.5)
  webmock (= 1.20.4)
  will_paginate (= 3.0.7)

BUNDLED WITH
   1.10.6
