GIT
  remote: git://github.com/lunks/phonie.git
  revision: 2876d461921665ed8b999919a0b816e8e929ae9a
  branch: patch/add-new-br-numbers
  specs:
    phonie (3.1.9)

GIT
  remote: git://github.com/mrodrigues/link_thumbnailer.git
  revision: cc7b8221ea803ae8eaf2f22d752dd1bae878803b
  specs:
    link_thumbnailer (2.5.0)
      activesupport (>= 3.0)
      fastimage (~> 1.6)
      json (~> 1.8, >= 1.7.7)
      net-http-persistent (~> 2.9)
      nokogiri (~> 1.6)
      rake (>= 0.9)
      video_info (~> 2.4)

GEM
  remote: https://rubygems.org/
  remote: https://rails-assets.org/
  specs:
    CFPropertyList (2.3.0)
    actionmailer (4.1.6)
      actionpack (= 4.1.6)
      actionview (= 4.1.6)
      mail (~> 2.5, >= 2.5.4)
    actionpack (4.1.6)
      actionview (= 4.1.6)
      activesupport (= 4.1.6)
      rack (~> 1.5.2)
      rack-test (~> 0.6.2)
    actionview (4.1.6)
      activesupport (= 4.1.6)
      builder (~> 3.1)
      erubis (~> 2.7.0)
    active_model-errors_details (1.1.0)
      activemodel (>= 4.0, < 5.0.0.alpha)
      activesupport
    activemodel (4.1.6)
      activesupport (= 4.1.6)
      builder (~> 3.1)
    activerecord (4.1.6)
      activemodel (= 4.1.6)
      activesupport (= 4.1.6)
      arel (~> 5.0.0)
    activesupport (4.1.6)
      i18n (~> 0.6, >= 0.6.9)
      json (~> 1.7, >= 1.7.7)
      minitest (~> 5.1)
      thread_safe (~> 0.1)
      tzinfo (~> 1.1)
    acts-as-taggable-on (3.4.3)
      activerecord (>= 3.2, < 5)
    acts_as_votable (0.10.0)
    addressable (2.3.7)
    airbrake (4.1.0)
      builder
      multi_json
    arel (5.0.1.20140414130214)
    ast (2.0.0)
    astrolabe (1.3.0)
      parser (>= 2.2.0.pre.3, < 3.0)
    autoparse (0.3.3)
      addressable (>= 2.3.1)
      extlib (>= 0.9.15)
      multi_json (>= 1.0.0)
    autoprefixer-rails (5.1.5)
      execjs
      json
    axiom-types (0.1.1)
      descendants_tracker (~> 0.0.4)
      ice_nine (~> 0.11.0)
      thread_safe (~> 0.3, >= 0.3.1)
    bcrypt (3.1.10)
    better_errors (2.1.1)
      coderay (>= 1.0.0)
      erubis (>= 2.6.6)
      rack (>= 0.9.0)
    binding_of_caller (0.7.2)
      debug_inspector (>= 0.0.1)
    bonsai-elasticsearch-rails (0.0.4)
    builder (3.2.2)
    capybara (2.4.4)
      mime-types (>= 1.16)
      nokogiri (>= 1.3.3)
      rack (>= 1.0.0)
      rack-test (>= 0.5.4)
      xpath (~> 2.0)
    capybara-angular (0.1.0)
      capybara
    carrierwave (0.10.0)
      activemodel (>= 3.2.0)
      activesupport (>= 3.2.0)
      json (>= 1.7)
      mime-types (>= 1.16)
    celluloid (0.16.0)
      timers (~> 4.0.0)
    childprocess (0.5.5)
      ffi (~> 1.0, >= 1.0.11)
    coderay (1.1.0)
    coercible (1.0.0)
      descendants_tracker (~> 0.0.1)
    coffee-rails (4.1.0)
      coffee-script (>= 2.2.0)
      railties (>= 4.0.0, < 5.0)
    coffee-script (2.3.0)
      coffee-script-source
      execjs
    coffee-script-source (1.9.0)
    connection_pool (2.1.1)
    crack (0.4.2)
      safe_yaml (~> 1.0.0)
    css_parser (1.3.6)
      addressable
    cti (0.1.1)
    dalli (2.7.2)
    database_cleaner (1.4.0)
    debug_inspector (0.0.2)
    descendants_tracker (0.0.4)
      thread_safe (~> 0.3, >= 0.3.1)
    devise (3.4.1)
      bcrypt (~> 3.0)
      orm_adapter (~> 0.1)
      railties (>= 3.2.6, < 5)
      responders
      thread_safe (~> 0.1)
      warden (~> 1.2.3)
    devise-async (0.9.0)
      devise (~> 3.2)
    diff-lcs (1.2.5)
    docile (1.1.5)
    dotenv (1.0.2)
    dotenv-rails (1.0.2)
      dotenv (= 1.0.2)
    elasticsearch (1.0.6)
      elasticsearch-api (= 1.0.6)
      elasticsearch-transport (= 1.0.6)
    elasticsearch-api (1.0.6)
      multi_json
    elasticsearch-model (0.1.6)
      activesupport (> 3)
      elasticsearch (> 0.4)
      hashie
    elasticsearch-rails (0.1.6)
    elasticsearch-transport (1.0.6)
      faraday
      multi_json
    email_spec (1.6.0)
      launchy (~> 2.1)
      mail (~> 2.2)
    equalizer (0.0.9)
    erubis (2.7.0)
    excon (0.44.4)
    execjs (2.3.0)
    extlib (0.9.16)
    factory_girl (4.5.0)
      activesupport (>= 3.0.0)
    factory_girl_rails (4.5.0)
      factory_girl (~> 4.5.0)
      railties (>= 3.0.0)
    faraday (0.9.1)
      multipart-post (>= 1.2, < 3)
    fastimage (1.6.8)
      addressable (~> 2.3, >= 2.3.5)
    ffi (1.9.8)
    fission (0.5.0)
      CFPropertyList (~> 2.2)
    flay (2.4.0)
      ruby_parser (~> 3.0)
      sexp_processor (~> 4.0)
    fog (1.28.0)
      fog-atmos
      fog-aws (~> 0.0)
      fog-brightbox (~> 0.4)
      fog-core (~> 1.27, >= 1.27.3)
      fog-ecloud
      fog-json
      fog-profitbricks
      fog-radosgw (>= 0.0.2)
      fog-riakcs
      fog-sakuracloud (>= 0.0.4)
      fog-serverlove
      fog-softlayer
      fog-storm_on_demand
      fog-terremark
      fog-vmfusion
      fog-voxel
      fog-xml (~> 0.1.1)
      ipaddress (~> 0.5)
      nokogiri (~> 1.5, >= 1.5.11)
    fog-atmos (0.1.0)
      fog-core
      fog-xml
    fog-aws (0.1.1)
      fog-core (~> 1.27)
      fog-json (~> 1.0)
      fog-xml (~> 0.1)
      ipaddress (~> 0.8)
    fog-brightbox (0.7.1)
      fog-core (~> 1.22)
      fog-json
      inflecto (~> 0.0.2)
    fog-core (1.29.0)
      builder
      excon (~> 0.38)
      formatador (~> 0.2)
      mime-types
      net-scp (~> 1.1)
      net-ssh (>= 2.1.3)
    fog-ecloud (0.0.2)
      fog-core
      fog-xml
    fog-json (1.0.0)
      multi_json (~> 1.0)
    fog-profitbricks (0.0.1)
      fog-core
      fog-xml
      nokogiri
    fog-radosgw (0.0.3)
      fog-core (>= 1.21.0)
      fog-json
      fog-xml (>= 0.0.1)
    fog-riakcs (0.1.0)
      fog-core
      fog-json
      fog-xml
    fog-sakuracloud (1.0.0)
      fog-core
      fog-json
    fog-serverlove (0.1.1)
      fog-core
      fog-json
    fog-softlayer (0.4.1)
      fog-core
      fog-json
    fog-storm_on_demand (0.1.0)
      fog-core
      fog-json
    fog-terremark (0.0.4)
      fog-core
      fog-xml
    fog-vmfusion (0.0.1)
      fission
      fog-core
    fog-voxel (0.0.2)
      fog-core
      fog-xml
    fog-xml (0.1.1)
      fog-core
      nokogiri (~> 1.5, >= 1.5.11)
    foreman (0.77.0)
      dotenv (~> 1.0.2)
      thor (~> 0.19.1)
    formatador (0.2.5)
    foundation-rails (5.5.1.0)
      railties (>= 3.1.0)
      sass (>= 3.3.0, < 3.5)
    gitlab (3.3.0)
      httparty
      terminal-table
    google-api-client (0.8.2)
      activesupport (>= 3.2)
      addressable (~> 2.3)
      autoparse (~> 0.3)
      extlib (~> 0.9)
      faraday (~> 0.9)
      launchy (~> 2.4)
      multi_json (~> 1.10)
      retriable (~> 1.4)
      signet (~> 0.6)
    google_drive (1.0.0)
      google-api-client (>= 0.7.0)
      nokogiri (>= 1.4.4, != 1.5.2, != 1.5.1)
      oauth (>= 0.3.6)
      oauth2 (>= 0.5.0)
    hashie (3.4.0)
    hike (1.2.3)
    hitimes (1.2.2)
    htmlentities (4.3.3)
    httparty (0.13.3)
      json (~> 1.8)
      multi_xml (>= 0.5.2)
    httpclient (2.6.0.1)
    i18n (0.7.0)
    ice_nine (0.11.1)
    inflecto (0.0.2)
    intercom-rails (0.2.27)
      activesupport (> 3.0)
    ipaddress (0.8.0)
    jbuilder (2.2.6)
      activesupport (>= 3.0.0, < 5)
      multi_json (~> 1.2)
    jquery-rails (3.1.2)
      railties (>= 3.0, < 5.0)
      thor (>= 0.14, < 2.0)
    json (1.8.2)
    jwt (1.0.0)
    kgio (2.9.3)
    launchy (2.4.3)
      addressable (~> 2.3)
    letter_opener (1.3.0)
      launchy (~> 2.2)
    mail (2.6.3)
      mime-types (>= 1.16, < 3)
    memcachier (0.0.2)
    method_source (0.8.2)
    mime-types (2.4.3)
    mini_portile (0.6.2)
    minitest (5.5.1)
    mixpanel-ruby (1.7.0)
    multi_json (1.11.0)
    multi_xml (0.5.5)
    multipart-post (2.0.0)
    mustache (0.99.8)
    net-http-persistent (2.9.4)
    net-scp (1.2.1)
      net-ssh (>= 2.6.5)
    net-ssh (2.9.2)
    newrelic_rpm (3.9.9.275)
    nokogiri (1.6.6.2)
      mini_portile (~> 0.6.0)
    oauth (0.4.7)
    oauth2 (1.0.0)
      faraday (>= 0.8, < 0.10)
      jwt (~> 1.0)
      multi_json (~> 1.3)
      multi_xml (~> 0.5)
      rack (~> 1.2)
    octokit (3.7.0)
      sawyer (~> 0.6.0, >= 0.5.3)
    oj (2.11.4)
    orm_adapter (0.5.0)
    parser (2.2.0.2)
      ast (>= 1.1, < 3.0)
    pg (0.18.1)
    powerpack (0.1.0)
    pronto (0.4.1)
      gitlab (~> 3.3)
      octokit (~> 3.2)
      rugged (~> 0.21.0)
      thor (~> 0.19.0)
    pronto-flay (0.4.0)
      flay (~> 2.4.0)
      pronto (~> 0.4.0)
    pronto-rubocop (0.4.1)
      pronto (~> 0.4.0)
      rubocop (~> 0.29.0)
    pronto-scss (0.4.0)
      pronto (~> 0.4.0)
      scss-lint (~> 0.33.0)
    pry (0.10.1)
      coderay (~> 1.1.0)
      method_source (~> 0.8.1)
      slop (~> 3.4)
    pry-rails (0.3.3)
      pry (>= 0.9.10)
    pusher (0.14.4)
      httpclient (~> 2.5)
      multi_json (~> 1.0)
      signature (~> 0.1.8)
    rabl (0.11.6)
      activesupport (>= 2.3.14)
    rack (1.5.2)
    rack-canonical-host (0.1.0)
      addressable
      rack (~> 1.0)
    rack-test (0.6.3)
      rack (>= 1.0)
    rails (4.1.6)
      actionmailer (= 4.1.6)
      actionpack (= 4.1.6)
      actionview (= 4.1.6)
      activemodel (= 4.1.6)
      activerecord (= 4.1.6)
      activesupport (= 4.1.6)
      bundler (>= 1.3.0, < 2.0)
      railties (= 4.1.6)
      sprockets-rails (~> 2.0)
    rails-assets-SHA-1 (0.1.1)
    rails-assets-angular--bower-angular-i18n (1.3.11)
    rails-assets-angular (1.3.2)
    rails-assets-angular-animate (1.3.2)
      rails-assets-angular (= 1.3.2)
    rails-assets-angular-busy (4.1.2)
      rails-assets-angular (~> 1.3)
      rails-assets-angular-animate (~> 1.3)
    rails-assets-angular-foundation (0.5.1)
      rails-assets-angular (>= 1)
    rails-assets-angular-messages (1.3.2)
      rails-assets-angular (= 1.3.2)
    rails-assets-angular-resource (1.3.2)
      rails-assets-angular (= 1.3.2)
    rails-assets-angular-route (1.3.2)
      rails-assets-angular (= 1.3.2)
    rails-assets-angular-ui-sortable (0.13.0)
      rails-assets-angular (>= 1.2)
      rails-assets-jquery-ui (>= 1.9)
    rails-assets-angular-validation-match (1.3.0)
      rails-assets-angular (>= 1.2.0, < 2.0.0)
    rails-assets-angularjs-rails-resource (1.2.1)
      rails-assets-angular
    rails-assets-arktisklada--jquery-ui-touch-punch (0.2.3)
    rails-assets-br-validations (0.2.3)
    rails-assets-jquery (1.11.2)
    rails-assets-jquery-maskedinput (1.4.0)
      rails-assets-jquery (>= 1.8.3, < 2.0)
    rails-assets-jquery-ui (1.11.2)
      rails-assets-jquery (>= 1.6)
    rails-assets-lunks--angulartics (0.18.0)
      rails-assets-SHA-1
      rails-assets-angular (>= 1.1.5)
      rails-assets-waypoints (~> 2.0.3)
    rails-assets-lunks--ngTagsInput (3.0.0)
    rails-assets-modernizr (2.8.3)
    rails-assets-mrodrigues--angular-elastic-input (2.0.1)
      rails-assets-angular (>= 1.0.6)
      rails-assets-jquery (>= 1.6.0)
    rails-assets-mrodrigues--angular-input-masks (1.3.1)
      rails-assets-angular (~> 1.3.0)
      rails-assets-br-validations (~> 0.2.3)
      rails-assets-string-mask (~> 0.1.1)
    rails-assets-ng-file-upload (1.6.12)
    rails-assets-ng-file-upload-shim (1.6.12)
    rails-assets-string-mask (0.1.1)
    rails-assets-waypoints (2.0.5)
      rails-assets-jquery (>= 1.8)
    rails_12factor (0.0.3)
      rails_serve_static_assets
      rails_stdout_logging
    rails_serve_static_assets (0.0.4)
    rails_stdout_logging (0.0.3)
    railties (4.1.6)
      actionpack (= 4.1.6)
      activesupport (= 4.1.6)
      rake (>= 0.8.7)
      thor (>= 0.18.1, < 2.0)
    rainbow (2.0.0)
    raindrops (0.13.0)
    rake (10.4.2)
    recurrence (1.3.0)
      activesupport
      i18n
    redis (3.2.0)
    redis-namespace (1.5.1)
      redis (~> 3.0, >= 3.0.4)
    responders (1.1.2)
      railties (>= 3.2, < 4.2)
    retriable (1.4.1)
    roadie (3.0.3)
      css_parser (~> 1.3.4)
      nokogiri (~> 1.6.0)
    roadie-rails (1.0.4)
      rails (>= 3.0, < 4.3)
      roadie (~> 3.0)
    roboto (0.2.0)
      actionpack (>= 3.0.0)
      rails (>= 3.1.0)
    rspec (3.2.0)
      rspec-core (~> 3.2.0)
      rspec-expectations (~> 3.2.0)
      rspec-mocks (~> 3.2.0)
    rspec-core (3.2.0)
      rspec-support (~> 3.2.0)
    rspec-expectations (3.2.0)
      diff-lcs (>= 1.2.0, < 2.0)
      rspec-support (~> 3.2.0)
    rspec-mocks (3.2.0)
      diff-lcs (>= 1.2.0, < 2.0)
      rspec-support (~> 3.2.0)
    rspec-rails (3.2.0)
      actionpack (>= 3.0, <= 4.2)
      activesupport (>= 3.0, <= 4.2)
      railties (>= 3.0, <= 4.2)
      rspec-core (~> 3.2.0)
      rspec-expectations (~> 3.2.0)
      rspec-mocks (~> 3.2.0)
      rspec-support (~> 3.2.0)
    rspec-support (3.2.1)
    rspec_api_documentation (4.3.0)
      activesupport (>= 3.0.0)
      json (~> 1.4, >= 1.4.6)
      mustache (~> 0.99, >= 0.99.4)
      rspec (>= 3.0.0)
    rubocop (0.29.0)
      astrolabe (~> 1.3)
      parser (>= 2.2.0.1, < 3.0)
      powerpack (~> 0.1)
      rainbow (>= 1.99.1, < 3.0)
      ruby-progressbar (~> 1.4)
    ruby-progressbar (1.7.1)
    ruby_parser (3.6.4)
      sexp_processor (~> 4.1)
    rubyzip (1.1.7)
    rugged (0.21.4)
    safe_yaml (1.0.4)
    sass (3.4.11)
    sass-rails (5.0.1)
      railties (>= 4.0.0, < 5.0)
      sass (~> 3.1)
      sprockets (>= 2.8, < 4.0)
      sprockets-rails (>= 2.0, < 4.0)
      tilt (~> 1.1)
    sawyer (0.6.0)
      addressable (~> 2.3.5)
      faraday (~> 0.8, < 0.10)
    scss-lint (0.33.0)
      rainbow (~> 2.0)
      sass (~> 3.4.1)
    secure_headers (2.0.0)
    selenium-webdriver (2.45.0)
      childprocess (~> 0.5)
      multi_json (~> 1.0)
      rubyzip (~> 1.0)
      websocket (~> 1.0)
    sexp_processor (4.4.5)
    shoulda-matchers (2.8.0)
      activesupport (>= 3.0.0)
    sidekiq (3.3.2)
      celluloid (>= 0.16.0)
      connection_pool (>= 2.1.1)
      json
      redis (>= 3.0.6)
      redis-namespace (>= 1.3.1)
    signature (0.1.8)
    signet (0.6.0)
      addressable (~> 2.3)
      extlib (~> 0.9)
      faraday (~> 0.9)
      jwt (~> 1.0)
      multi_json (~> 1.10)
    simplecov (0.9.1)
      docile (~> 1.1.0)
      multi_json (~> 1.0)
      simplecov-html (~> 0.8.0)
    simplecov-html (0.8.0)
    slim (3.0.2)
      temple (~> 0.7.3)
      tilt (>= 1.3.3, < 2.1)
    slim-rails (3.0.1)
      actionmailer (>= 3.1, < 5.0)
      actionpack (>= 3.1, < 5.0)
      activesupport (>= 3.1, < 5.0)
      railties (>= 3.1, < 5.0)
      slim (~> 3.0)
    slop (3.6.0)
    sprockets (2.12.3)
      hike (~> 1.2)
      multi_json (~> 1.0)
      rack (~> 1.0)
      tilt (~> 1.1, != 1.3.0)
    sprockets-rails (2.2.4)
      actionpack (>= 3.0)
      activesupport (>= 3.0)
      sprockets (>= 2.8, < 4.0)
    temple (0.7.5)
    terminal-table (1.4.5)
    thor (0.19.1)
    thread_safe (0.3.5)
    tilt (1.4.1)
    timecop (0.7.1)
    timers (4.0.1)
      hitimes
    tod (1.5.0)
    twilio-ruby (3.14.4)
      builder (>= 2.1.2)
      jwt (~> 1.0.0)
      multi_json (>= 1.3.0)
    tzinfo (1.2.2)
      thread_safe (~> 0.1)
    uglifier (2.7.0)
      execjs (>= 0.3.0)
      json (>= 1.8.0)
    unicorn (4.8.3)
      kgio (~> 2.6)
      rack
      raindrops (~> 0.7)
    vcr (2.9.3)
    video_info (2.4.1)
      addressable
      htmlentities
      multi_json
    virtus (1.0.4)
      axiom-types (~> 0.1)
      coercible (~> 1.0)
      descendants_tracker (~> 0.0, >= 0.0.3)
      equalizer (~> 0.0, >= 0.0.9)
    warden (1.2.3)
      rack (>= 1.0)
    webmock (1.20.4)
      addressable (>= 2.3.6)
      crack (>= 0.3.2)
    websocket (1.2.1)
    will_paginate (3.0.7)
    xpath (2.0.0)
      nokogiri (~> 1.3)

PLATFORMS
  ruby

DEPENDENCIES
  active_model-errors_details (= 1.1.0)
  acts-as-taggable-on (= 3.4.3)
  acts_as_votable (= 0.10.0)
  airbrake (= 4.1.0)
  autoprefixer-rails (= 5.1.5)
  better_errors (= 2.1.1)
  binding_of_caller (= 0.7.2)
  bonsai-elasticsearch-rails (= 0.0.4)
  capybara (= 2.4.4)
  capybara-angular (= 0.1.0)
  carrierwave (= 0.10.0)
  coffee-rails (= 4.1.0)
  connection_pool
  cti (= 0.1.1)
  dalli (= 2.7.2)
  database_cleaner (= 1.4.0)
  devise (= 3.4.1)
  devise-async (= 0.9.0)
  dotenv-rails (= 1.0.2)
  elasticsearch-model (= 0.1.6)
  elasticsearch-rails (= 0.1.6)
  email_spec (= 1.6.0)
  factory_girl_rails (= 4.5.0)
  fog (= 1.28.0)
  foreman (= 0.77.0)
  foundation-rails (= 5.5.1.0)
  google_drive (= 1.0.0)
  intercom-rails (= 0.2.27)
  jbuilder (= 2.2.6)
  jquery-rails (= 3.1.2)
  letter_opener (= 1.3.0)
  link_thumbnailer (= 2.5.0)!
  memcachier (= 0.0.2)
  mixpanel-ruby (= 1.7.0)
  newrelic_rpm (= 3.9.9.275)
  oj (= 2.11.4)
  pg (= 0.18.1)
  phonie (= 3.1.9)!
  pronto (= 0.4.1)
  pronto-flay (= 0.4.0)
  pronto-rubocop (= 0.4.1)
  pronto-scss (= 0.4.0)
  pry-rails (= 0.3.3)
  pusher (= 0.14.4)
  rabl (= 0.11.6)
  rack-canonical-host (= 0.1.0)
  rails (= 4.1.6)
  rails-assets-angular (= 1.3.2)
  rails-assets-angular--bower-angular-i18n (= 1.3.11)
  rails-assets-angular-animate (= 1.3.2)
  rails-assets-angular-busy (= 4.1.2)
  rails-assets-angular-foundation (= 0.5.1)
  rails-assets-angular-messages (= 1.3.2)
  rails-assets-angular-resource (= 1.3.2)
  rails-assets-angular-route (= 1.3.2)
  rails-assets-angular-ui-sortable (= 0.13.0)
  rails-assets-angular-validation-match (= 1.3.0)
  rails-assets-angularjs-rails-resource (= 1.2.1)
  rails-assets-arktisklada--jquery-ui-touch-punch (= 0.2.3)
  rails-assets-jquery-maskedinput (= 1.4.0)
  rails-assets-lunks--angulartics (= 0.18.0)
  rails-assets-lunks--ngTagsInput (= 3.0.0)
  rails-assets-modernizr (= 2.8.3)
  rails-assets-mrodrigues--angular-elastic-input (= 2.0.1)
  rails-assets-mrodrigues--angular-input-masks (= 1.3.1)
  rails-assets-ng-file-upload (= 1.6.12)
  rails-assets-ng-file-upload-shim (= 1.6.12)
  rails_12factor (= 0.0.3)
  recurrence (= 1.3.0)
  roadie-rails (= 1.0.4)
  roboto (= 0.2.0)
  rspec-rails (= 3.2.0)
  rspec_api_documentation (= 4.3.0)
  rubocop (= 0.29.0)
  sass-rails (= 5.0.1)
  secure_headers (= 2.0.0)
  selenium-webdriver (= 2.45.0)
  shoulda-matchers (= 2.8.0)
  sidekiq (= 3.3.2)
  simplecov (= 0.9.1)
  slim-rails
  timecop (= 0.7.1)
  tod (= 1.5.0)
  twilio-ruby (= 3.14.4)
  uglifier (= 2.7.0)
  unicorn (= 4.8.3)
  vcr (= 2.9.3)
  virtus (= 1.0.4)
  webmock (= 1.20.4)
  will_paginate (= 3.0.7)
